GEM
  remote: http://rubygems.org/
  specs:
    activesupport (3.2.2)
      i18n (~> 0.6)
      multi_json (~> 1.0)
    attr_required (0.0.5)
    backports (2.5.1)
    bson (1.6.2)
    bson_ext (1.6.2)
      bson (~> 1.6.2)
    eventmachine (0.12.10)
    fb_graph (2.4.4)
      httpclient (>= 2.2.0.2)
      rack-oauth2 (>= 0.14.4)
      tzinfo
    haml (3.1.4)
    httpclient (2.2.4)
    i18n (0.6.0)
    json (1.6.6)
    mime-types (1.18)
    mongo (1.6.2)
      bson (~> 1.6.2)
    mongodb (2.1.0)
      mongo (~> 1.5)
    multi_json (1.2.0)
    rack (1.4.1)
    rack-oauth2 (0.14.4)
      activesupport (>= 2.3)
      attr_required (>= 0.0.5)
      httpclient (>= 2.2.0.2)
      i18n
      json (>= 1.4.3)
      rack (>= 1.1)
    rack-protection (1.2.0)
      rack
    rack-test (0.6.1)
      rack (>= 1.0)
    rest-client (1.6.7)
      mime-types (>= 1.16)
    sinatra (1.3.2)
      rack (~> 1.3, >= 1.3.6)
      rack-protection (~> 1.2)
      tilt (~> 1.3, >= 1.3.3)
    sinatra-contrib (1.3.1)
      backports (>= 2.0)
      eventmachine
      rack-protection
      rack-test
      sinatra (~> 1.3.0)
      tilt (~> 1.3)
    tilt (1.3.3)
    tzinfo (0.3.32)

PLATFORMS
  ruby

DEPENDENCIES
  bson_ext
  fb_graph
  haml
  json
  mongodb
  rest-client
  sinatra
  sinatra-contrib
